NUGET
  remote: https://www.nuget.org/api/v2
  specs:
    Aether (8.1.2)
    Arachne.Core (3.0)
      FParsec (>= 1.0 < 2.0)
    Arachne.Http (3.0)
      Arachne.Core (>= 3.0)
      Arachne.Language (>= 3.0)
      Arachne.Uri (>= 3.0)
      FParsec (>= 1.0 < 2.0)
    Arachne.Http.Cors (3.0)
      Arachne.Core (>= 3.0)
      Arachne.Http (>= 3.0)
      Arachne.Language (>= 3.0)
      Arachne.Uri (>= 3.0)
      FParsec (>= 1.0 < 2.0)
    Arachne.Language (3.0)
      Arachne.Core (>= 3.0)
      FParsec (>= 1.0 < 2.0)
    Arachne.Uri (3.0)
      Arachne.Core (>= 3.0)
      FParsec (>= 1.0 < 2.0)
    Arachne.Uri.Template (3.0)
      Arachne.Core (>= 3.0)
      Arachne.Uri (>= 3.0)
      FParsec (>= 1.0 < 2.0)
    Chiron (6.1)
      Aether (>= 8.0.2 < 9.0)
      FParsec (>= 1.0 < 2.0)
    FAKE (4.25.4)
    FParsec (1.0.2)
    Freya (3.0.0-b300)
      Freya.Core (>= 3.0.0-b300)
      Freya.Lenses.Http (>= 3.0.0-b300)
      Freya.Lenses.Http.Cors (>= 3.0.0-b300)
      Freya.Machine (>= 3.0.0-b300)
      Freya.Machine.Extensions.Http (>= 3.0.0-b300)
      Freya.Machine.Extensions.Http.Cors (>= 3.0.0-b300)
      Freya.Machine.Router (>= 3.0.0-b300)
      Freya.Recorder (>= 3.0.0-b300)
      Freya.Router (>= 3.0.0-b300)
    Freya.Core (3.0.0-b300)
      Aether (>= 8.1 < 9.0)
    Freya.Lenses.Http (3.0.0-b300)
      Aether (>= 8.1 < 9.0)
      Arachne.Http (>= 3.0)
      Freya.Core (>= 3.0.0-b300)
    Freya.Lenses.Http.Cors (3.0.0-b300)
      Aether (>= 8.1 < 9.0)
      Arachne.Http.Cors (>= 3.0)
      Freya.Core (>= 3.0.0-b300)
      Freya.Lenses.Http (>= 3.0.0-b300)
    Freya.Machine (3.0.0-b300)
      Aether (>= 8.1 < 9.0)
      Freya.Core (>= 3.0.0-b300)
      Freya.Recorder (>= 3.0.0-b300)
      Hekate (>= 3.0 < 4.0)
    Freya.Machine.Extensions.Http (3.0.0-b300)
      Aether (>= 8.1 < 9.0)
      Arachne.Http (>= 3.0)
      Arachne.Language (>= 3.0)
      Freya.Core (>= 3.0.0-b300)
      Freya.Lenses.Http (>= 3.0.0-b300)
      Freya.Machine (>= 3.0.0-b300)
      Freya.Recorder (>= 3.0.0-b300)
    Freya.Machine.Extensions.Http.Cors (3.0.0-b300)
      Aether (>= 8.1 < 9.0)
      Arachne.Http.Cors (>= 3.0)
      Freya.Core (>= 3.0.0-b300)
      Freya.Lenses.Http (>= 3.0.0-b300)
      Freya.Lenses.Http.Cors (>= 3.0.0-b300)
      Freya.Machine (>= 3.0.0-b300)
      Freya.Machine.Extensions.Http (>= 3.0.0-b300)
      Freya.Recorder (>= 3.0.0-b300)
    Freya.Machine.Router (3.0.0-b300)
      Arachne.Http (>= 3.0)
      Arachne.Uri.Template (>= 3.0)
      Freya.Core (>= 3.0.0-b300)
      Freya.Lenses.Http (>= 3.0.0-b300)
      Freya.Recorder (>= 3.0.0-b300)
      Freya.Router (>= 3.0.0-b300)
    Freya.Recorder (3.0.0-b300)
      Aether (>= 8.1 < 9.0)
      Freya.Core (>= 3.0.0-b300)
    Freya.Router (3.0.0-b300)
      Aether (>= 8.1 < 9.0)
      Arachne.Http (>= 3.0)
      Arachne.Uri.Template (>= 3.0)
      Freya.Core (>= 3.0.0-b300)
      Freya.Lenses.Http (>= 3.0.0-b300)
      Freya.Recorder (>= 3.0.0-b300)
      Hekate (>= 3.0 < 4.0)
    FSharp.Compiler.Service (2.0.0.6)
    FSharp.Core (4.0.0.1)
    FSharp.Formatting (2.14.2)
      FSharp.Compiler.Service (2.0.0.6)
      FSharpVSPowerTools.Core (>= 2.3 < 2.4)
    FSharpVSPowerTools.Core (2.3)
      FSharp.Compiler.Service (>= 2.0.0.3)
    FsReveal (1.2.3)
      FSharp.Formatting (>= 2.11)
    Hekate (3.2)
      Aether (>= 8.0.2 < 9.0)
    Owin (1.0)
    Suave (1.1.2)
      FSharp.Core (>= 3.1.2.5)
    Unquote (3.1.1)
